GEM
  remote: http://rubygems.org/
  specs:
    actionmailer (3.2.3.rc1)
      actionpack (= 3.2.3.rc1)
      mail (~> 2.4.4)
    actionpack (3.2.3.rc1)
      activemodel (= 3.2.3.rc1)
      activesupport (= 3.2.3.rc1)
      builder (~> 3.0.0)
      erubis (~> 2.7.0)
      journey (~> 1.0.1)
      rack (~> 1.4.0)
      rack-cache (~> 1.2)
      rack-test (~> 0.6.1)
      sprockets (~> 2.1.2)
    activemodel (3.2.3.rc1)
      activesupport (= 3.2.3.rc1)
      builder (~> 3.0.0)
    activerecord (3.2.3.rc1)
      activemodel (= 3.2.3.rc1)
      activesupport (= 3.2.3.rc1)
      arel (~> 3.0.2)
      tzinfo (~> 0.3.29)
    activeresource (3.2.3.rc1)
      activemodel (= 3.2.3.rc1)
      activesupport (= 3.2.3.rc1)
    activesupport (3.2.3.rc1)
      i18n (~> 0.6)
      multi_json (~> 1.0)
    addressable (2.2.7)
    airbrake (3.0.9)
      activesupport
      builder
    anjlab-bootstrap-rails (2.0.2.1)
      railties (>= 3.0)
      sass
    arel (3.0.2)
    backbone-on-rails (0.9.2.0)
      eco (~> 1.0.0)
      ejs (~> 1.0.0)
      jquery-rails
      railties (>= 3.1)
    bcrypt-ruby (3.0.1)
    bcrypt-ruby (3.0.1-java)
    blankslate (2.1.2.4)
    bouncy-castle-java (1.5.0146.1)
    bson (1.6.1)
    bson (1.6.1-java)
    bson_ext (1.6.1)
      bson (~> 1.6.1)
    builder (3.0.0)
    cancan (1.6.7)
    capistrano (2.11.2)
      highline
      net-scp (>= 1.0.0)
      net-sftp (>= 2.0.0)
      net-ssh (>= 2.0.14)
      net-ssh-gateway (>= 1.1.0)
    carrierwave (0.6.0)
      activemodel (>= 3.2.0)
      activesupport (>= 3.2.0)
    carrierwave-mongoid (0.1.3)
      carrierwave (>= 0.5.6)
      mongoid (~> 2.1)
    chronic (0.6.7)
    chunky_png (1.2.5)
    clj (0.0.5.6)
    closure-compiler (1.1.6)
    coderay (1.0.5)
    coffee-rails (3.2.1)
      coffee-script (>= 2.2.0)
      railties (~> 3.2.0.beta)
    coffee-script (2.2.0)
      coffee-script-source
      execjs
    coffee-script-source (1.2.0)
    compass (0.12.1)
      chunky_png (~> 1.2)
      fssm (>= 0.2.7)
      sass (~> 3.1)
    compass-rails (1.0.1)
      compass (~> 0.12.0)
    daemons (1.1.8)
    dalli (1.1.5)
    devise (2.0.4)
      bcrypt-ruby (~> 3.0)
      orm_adapter (~> 0.0.3)
      railties (~> 3.1)
      warden (~> 1.1.1)
    eco (1.0.0)
      coffee-script
      eco-source
      execjs
    eco-source (1.1.0.rc.1)
    ejs (1.0.0)
    erubis (2.7.0)
    escape (0.0.4)
    eventmachine (0.12.10)
    excon (0.13.2)
    execjs (1.3.0)
      multi_json (~> 1.0)
    faraday (0.7.6)
      addressable (~> 2.2)
      multipart-post (~> 1.1)
      rack (~> 1.1)
    fog (1.3.1)
      builder
      excon (~> 0.13.0)
      formatador (~> 0.2.0)
      mime-types
      multi_json (~> 1.0)
      net-scp (~> 1.0.4)
      net-ssh (>= 2.1.3)
      nokogiri (~> 1.5.0)
      ruby-hmac
    foreman (0.41.0)
      thor (>= 0.13.6)
    formatador (0.2.1)
    fssm (0.2.8.1)
    geocoder (1.1.1)
    hashie (1.2.0)
    heroku (2.23.0)
      launchy (>= 0.3.2)
      netrc (~> 0.7.1)
      rest-client (~> 1.6.1)
      rubyzip
    heroku_san (2.1.1)
      heroku (>= 2)
      rake
    highline (1.6.11)
    hike (1.2.1)
    hirefireapp (0.0.7)
    i18n (0.6.0)
    journey (1.0.3)
    jquery-rails (2.0.1)
      railties (>= 3.2.0, < 5.0)
      thor (~> 0.14)
    jruby-openssl (0.7.6.1)
      bouncy-castle-java (>= 1.5.0146.1)
    json (1.5.0)
    json (1.5.0-java)
    json-jruby (1.5.0-java)
      json (= 1.5.0)
    koala (1.4.0)
      faraday (~> 0.7.0)
      multi_json (~> 1.0)
    launchy (2.1.0)
      addressable (~> 2.2.6)
    mail (2.4.4)
      i18n (>= 0.4.0)
      mime-types (~> 1.16)
      treetop (~> 1.4.8)
    method_source (0.7.1)
    mime-types (1.18)
    mixpanel (1.1.3)
      escape
      json
      rack
    mongo (1.6.1)
      bson (~> 1.6.1)
    mongoid (2.4.7)
      activemodel (~> 3.1)
      mongo (~> 1.3)
      tzinfo (~> 0.3.22)
    mongoid_auto_inc (0.1.0)
      activesupport (>= 3.0.0)
      mongoid (>= 2.0.0.rc.6)
    mongoid_slug (0.10.0)
      mongoid (~> 2.0)
      stringex (~> 1.3)
    multi_json (1.0.4)
    multipart-post (1.1.5)
    net-scp (1.0.4)
      net-ssh (>= 1.99.1)
    net-sftp (2.0.5)
      net-ssh (>= 2.0.9)
    net-ssh (2.3.0)
    net-ssh-gateway (1.1.0)
      net-ssh (>= 1.99.1)
    netrc (0.7.1)
    newrelic_rpm (3.3.2.1)
    nokogiri (1.5.2)
    nokogiri (1.5.2-java)
    oauth (0.4.5)
    oauth2 (0.5.2)
      faraday (~> 0.7)
      multi_json (~> 1.0)
    omniauth (1.0.3)
      hashie (~> 1.2)
      rack
    omniauth-facebook (1.2.0)
      omniauth-oauth2 (~> 1.0.0)
    omniauth-oauth (1.0.1)
      oauth
      omniauth (~> 1.0)
    omniauth-oauth2 (1.0.0)
      oauth2 (~> 0.5.0)
      omniauth (~> 1.0)
    omniauth-twitter (0.0.8)
      omniauth-oauth (~> 1.0)
    orm_adapter (0.0.7)
    polyglot (0.3.3)
    pry (0.9.8.4)
      coderay (~> 1.0.5)
      method_source (~> 0.7.1)
      slop (>= 2.4.4, < 3)
    pry (0.9.8.4-java)
      coderay (~> 1.0.5)
      method_source (~> 0.7.1)
      slop (>= 2.4.4, < 3)
      spoon (~> 0.0)
    pusher (0.9.2)
      multi_json (~> 1.0)
      ruby-hmac (~> 0.4.0)
      signature (~> 0.1.2)
    rabl (0.6.0)
      activesupport (>= 2.3.14)
      multi_json (~> 1.0.3)
    rack (1.4.1)
    rack-cache (1.2)
      rack (>= 0.4)
    rack-ssl (1.3.2)
      rack
    rack-test (0.6.1)
      rack (>= 1.0)
    rails (3.2.3.rc1)
      actionmailer (= 3.2.3.rc1)
      actionpack (= 3.2.3.rc1)
      activerecord (= 3.2.3.rc1)
      activeresource (= 3.2.3.rc1)
      activesupport (= 3.2.3.rc1)
      bundler (~> 1.0)
      railties (= 3.2.3.rc1)
    railties (3.2.3.rc1)
      actionpack (= 3.2.3.rc1)
      activesupport (= 3.2.3.rc1)
      rack-ssl (~> 1.3.2)
      rake (>= 0.8.7)
      rdoc (~> 3.4)
      thor (~> 0.14.6)
    rake (0.9.2.2)
    rdoc (3.12)
      json (~> 1.4)
    rest-client (1.6.7)
      mime-types (>= 1.16)
    rmagick (2.13.1)
    rmagick4j (0.3.7)
    rpm_contrib (2.1.7)
      newrelic_rpm (>= 3.1.1)
      newrelic_rpm (>= 3.1.1)
    ruby-hmac (0.4.0)
    rubyzip (0.9.6.1)
    sass (3.1.15)
    sass-rails (3.2.3)
      railties (~> 3.2.0.beta)
      sass (>= 3.1.10)
      tilt (~> 1.3)
    signature (0.1.2)
      ruby-hmac
    simple_oauth (0.1.5)
    slop (2.4.4)
    spoon (0.0.1)
    sprockets (2.1.2)
      hike (~> 1.2)
      rack (~> 1.0)
      tilt (~> 1.1, != 1.3.0)
    stringex (1.3.2)
    therubyrhino (1.73.1)
    thin (1.3.1)
      daemons (>= 1.0.9)
      eventmachine (>= 0.12.6)
      rack (>= 1.0.0)
    thor (0.14.6)
    tilt (1.3.3)
    torquebox (2.0.0.cr1)
      thor (>= 0.9.0, < 1.0.0)
      torquebox-cache (= 2.0.0.cr1)
      torquebox-configure (= 2.0.0.cr1)
      torquebox-core (= 2.0.0.cr1)
      torquebox-messaging (= 2.0.0.cr1)
      torquebox-naming (= 2.0.0.cr1)
      torquebox-rake-support (= 2.0.0.cr1)
      torquebox-security (= 2.0.0.cr1)
      torquebox-stomp (= 2.0.0.cr1)
      torquebox-transactions (= 2.0.0.cr1)
      torquebox-web (= 2.0.0.cr1)
    torquebox-cache (2.0.0.cr1-java)
      torquebox-core (= 2.0.0.cr1)
      torquebox-transactions (= 2.0.0.cr1)
    torquebox-capistrano-support (2.0.0.cr1)
    torquebox-configure (2.0.0.cr1-java)
      blankslate (= 2.1.2.4)
    torquebox-core (2.0.0.cr1-java)
    torquebox-messaging (2.0.0.cr1-java)
      clj (= 0.0.5.6)
      torquebox-core (= 2.0.0.cr1)
      torquebox-transactions (= 2.0.0.cr1)
    torquebox-naming (2.0.0.cr1-java)
    torquebox-rake-support (2.0.0.cr1)
      rake (>= 0.8.7, < 1.0.0)
    torquebox-security (2.0.0.cr1-java)
      torquebox-core (= 2.0.0.cr1)
    torquebox-stomp (2.0.0.cr1)
      torquebox-core (= 2.0.0.cr1)
      torquebox-messaging (= 2.0.0.cr1)
    torquebox-transactions (2.0.0.cr1)
      torquebox-core (= 2.0.0.cr1)
    torquebox-web (2.0.0.cr1-java)
    treetop (1.4.10)
      polyglot
      polyglot (>= 0.3.1)
    twitter (2.1.1)
      activesupport (>= 2.3.9, < 4)
      faraday (~> 0.7)
      multi_json (~> 1.0)
      simple_oauth (~> 0.1)
    tzinfo (0.3.32)
    urbanairship (2.0.0)
      json
    warden (1.1.1)
      rack (>= 1.0)
    yajl-ruby (1.1.0)

PLATFORMS
  java
  ruby

DEPENDENCIES
  airbrake
  anjlab-bootstrap-rails (>= 2.0)
  backbone-on-rails
  bson
  bson_ext
  cancan
  capistrano
  carrierwave
  carrierwave-mongoid
  chronic
  closure-compiler
  coffee-rails (= 3.2.1)
  compass-rails
  dalli
  devise
  execjs
  fog
  foreman
  geocoder
  heroku
  heroku_san
  hirefireapp
  jquery-rails
  jruby-openssl
  json-jruby
  koala
  mixpanel
  mongoid
  mongoid_auto_inc
  mongoid_slug
  newrelic_rpm
  omniauth
  omniauth-facebook
  omniauth-twitter
  pry
  pusher
  rabl (= 0.6.0)
  rails (= 3.2.3.rc1)
  rake
  rmagick
  rmagick4j
  rpm_contrib (= 2.1.7)
  sass-rails (= 3.2.3)
  therubyrhino
  thin
  torquebox (= 2.0.0.cr1)
  torquebox-capistrano-support (= 2.0.0.cr1)
  torquebox-rake-support (= 2.0.0.cr1)
  twitter
  urbanairship
  yajl-ruby
